GIT
  remote: git://github.com/aubreyrhodes/asset_sync.git
  revision: 4a94027931009bcad3c8f5de62a9c145c00ab10d
  branch: update_cache_control
  specs:
    asset_sync (0.5.0)
      activemodel
      fog

GEM
  remote: http://rubygems.org/
  specs:
    activemodel (3.2.11)
      activesupport (= 3.2.11)
      builder (~> 3.0.0)
    activesupport (3.2.11)
      i18n (~> 0.6)
      multi_json (~> 1.0)
    builder (3.0.4)
    chunky_png (1.2.6)
    coffee-script (2.2.0)
      coffee-script-source
      execjs
    coffee-script-source (1.3.3)
    compass (0.12.2)
      chunky_png (~> 1.2)
      fssm (>= 0.2.7)
      sass (~> 3.1)
    excon (0.16.10)
    execjs (1.4.0)
      multi_json (~> 1.0)
    ffi (1.1.5)
    fog (1.8.0)
      builder
      excon (~> 0.14)
      formatador (~> 0.2.0)
      mime-types
      multi_json (~> 1.0)
      net-scp (~> 1.0.4)
      net-ssh (>= 2.1.3)
      nokogiri (~> 1.5.0)
      ruby-hmac
    formatador (0.2.4)
    fssm (0.2.9)
    haml (3.1.7)
    hike (1.2.1)
    http_router (0.10.2)
      rack (>= 1.0.0)
      url_mount (~> 0.2.1)
    i18n (0.6.1)
    listen (0.5.3)
    maruku (0.6.1)
      syntax (>= 1.0.0)
    middleman (3.0.6)
      middleman-core (= 3.0.6)
      middleman-more (= 3.0.6)
      middleman-sprockets (~> 3.0.2)
    middleman-blog (3.1.1)
      maruku (~> 0.6.0)
      middleman-core (~> 3.0.1)
      tzinfo (~> 0.3.0)
    middleman-core (3.0.6)
      activesupport (~> 3.2.6)
      bundler (~> 1.1)
      listen (~> 0.5.2)
      rack (~> 1.4.1)
      rack-test (~> 0.6.1)
      rb-fsevent (~> 0.9.1)
      rb-inotify (~> 0.8.8)
      thor (~> 0.15.4)
      tilt (~> 1.3.1)
    middleman-more (3.0.6)
      coffee-script (~> 2.2.0)
      coffee-script-source (~> 1.3.3)
      compass (>= 0.12.2)
      execjs (~> 1.4.0)
      haml (>= 3.1.6)
      i18n (~> 0.6.0)
      maruku (~> 0.6.0)
      middleman-core (= 3.0.6)
      padrino-helpers (= 0.10.7)
      sass (>= 3.1.20)
      uglifier (~> 1.2.6)
    middleman-sprockets (3.0.4)
      middleman-more (~> 3.0.1)
      sprockets (~> 2.1, < 2.5)
      sprockets-sass (~> 0.8.0)
    middleman-sync (3.0.6)
      asset_sync (~> 0.5.0)
      middleman-core (>= 3.0.0)
    mime-types (1.19)
    modular-scale (1.0.2)
      compass (>= 0.11.5)
      sassy-math (>= 1.2)
    multi_json (1.5.0)
    net-scp (1.0.4)
      net-ssh (>= 1.99.1)
    net-ssh (2.6.3)
    nokogiri (1.5.6)
    padrino-core (0.10.7)
      activesupport (~> 3.2.0)
      http_router (~> 0.10.2)
      sinatra (~> 1.3.1)
      thor (~> 0.15.2)
      tilt (~> 1.3.0)
    padrino-helpers (0.10.7)
      i18n (~> 0.6)
      padrino-core (= 0.10.7)
    rack (1.4.1)
    rack-protection (1.2.0)
      rack
    rack-test (0.6.2)
      rack (>= 1.0)
    rake (0.9.2.2)
    rb-fsevent (0.9.2)
    rb-inotify (0.8.8)
      ffi (>= 0.5.0)
    redcarpet (2.2.2)
    ruby-hmac (0.4.0)
    sass (3.2.3)
    sassy-math (1.2)
      compass (~> 0.11)
    sinatra (1.3.3)
      rack (~> 1.3, >= 1.3.6)
      rack-protection (~> 1.2)
      tilt (~> 1.3, >= 1.3.3)
    slim (1.3.3)
      temple (~> 0.5.5)
      tilt (~> 1.3.3)
    sprockets (2.4.5)
      hike (~> 1.2)
      multi_json (~> 1.0)
      rack (~> 1.0)
      tilt (~> 1.1, != 1.3.0)
    sprockets-sass (0.8.0)
      sprockets (~> 2.0)
      tilt (~> 1.1)
    syntax (1.0.0)
    temple (0.5.5)
    thor (0.15.4)
    tilt (1.3.3)
    tzinfo (0.3.35)
    uglifier (1.2.7)
      execjs (>= 0.3.0)
      multi_json (~> 1.3)
    url_mount (0.2.1)
      rack
    zurb-foundation (3.2.2)
      compass (>= 0.12.2)
      modular-scale (>= 1.0.2)
      rake
      sass (>= 3.2.0)

PLATFORMS
  ruby

DEPENDENCIES
  asset_sync!
  builder (~> 3.0.0)
  middleman (~> 3.0.6)
  middleman-blog (~> 3.1.1)
  middleman-sync (~> 3.0.5)
  redcarpet
  slim
  zurb-foundation
